GIT
  remote: git@github.com:archSeer/ruby-mpd.git
  revision: 14ad532729529f22a852f747d379c2fa90eacda2
  specs:
    ruby-mpd (0.3.0)

GEM
  remote: https://rubygems.org/
  specs:
    backports (3.3.5)
    coderay (1.0.9)
    coffee-script (2.2.0)
      coffee-script-source
      execjs
    coffee-script-source (1.6.3)
    daemons (1.1.9)
    diff-lcs (1.2.4)
    dotenv (0.9.0)
    eventmachine (1.0.3)
    execjs (2.0.2)
    foreman (0.63.0)
      dotenv (>= 0.7)
      thor (>= 0.13.6)
    hike (1.2.3)
    method_source (0.8.2)
    multi_json (1.8.2)
    pry (0.9.12.2)
      coderay (~> 1.0.5)
      method_source (~> 0.8)
      slop (~> 3.4)
    rack (1.5.2)
    rack-protection (1.5.0)
      rack
    rack-test (0.6.2)
      rack (>= 1.0)
    rake (10.1.0)
    rspec (2.14.1)
      rspec-core (~> 2.14.0)
      rspec-expectations (~> 2.14.0)
      rspec-mocks (~> 2.14.0)
    rspec-core (2.14.6)
    rspec-expectations (2.14.3)
      diff-lcs (>= 1.1.3, < 2.0)
    rspec-mocks (2.14.4)
    sass (3.2.12)
    shotgun (0.9)
      rack (>= 1.0)
    sinatra (1.4.3)
      rack (~> 1.4)
      rack-protection (~> 1.4)
      tilt (~> 1.3, >= 1.3.4)
    sinatra-asset-pipeline (0.2.1)
      coffee-script
      rake
      sass
      sinatra
      sprockets
      sprockets-helpers
      sprockets-sass
    sinatra-contrib (1.4.1)
      backports (>= 2.0)
      multi_json
      rack-protection
      rack-test
      sinatra (~> 1.4.0)
      tilt (~> 1.3)
    slop (3.4.6)
    sprockets (2.10.0)
      hike (~> 1.2)
      multi_json (~> 1.0)
      rack (~> 1.0)
      tilt (~> 1.1, != 1.3.0)
    sprockets-helpers (1.0.1)
      sprockets (~> 2.0)
    sprockets-sass (1.0.2)
      sprockets (~> 2.0)
      tilt (~> 1.1)
    thin (1.6.1)
      daemons (>= 1.0.9)
      eventmachine (>= 1.0.0)
      rack (>= 1.0.0)
    thor (0.18.1)
    tilt (1.4.1)

PLATFORMS
  ruby

DEPENDENCIES
  foreman
  pry
  rspec
  rspec-mocks
  ruby-mpd!
  shotgun
  sinatra
  sinatra-asset-pipeline
  sinatra-contrib
  thin
